GEM
  remote: https://rubygems.org/
  specs:
    addressable (2.3.8)
    faraday (0.9.1)
      multipart-post (>= 1.2, < 3)
    fastimage (1.6.8)
      addressable (~> 2.3, >= 2.3.5)
    hashie (3.4.1)
    httmultiparty (0.3.16)
      httparty (>= 0.7.3)
      mimemagic
      multipart-post
    httparty (0.13.3)
      json (~> 1.8)
      multi_xml (>= 0.5.2)
    json (1.8.2)
    mimemagic (0.3.0)
    mini_portile (0.6.2)
    multi_json (1.10.1)
    multi_xml (0.5.5)
    multipart-post (2.0.0)
    nokogiri (1.6.6.2)
      mini_portile (~> 0.6.0)
    redd (0.7.5)
      faraday (~> 0.9.1)
      fastimage (~> 1.6.6)
      hashie (~> 3.4.0)
      multi_json (~> 1.10.1)
    soundcloud (0.3.1)
      hashie
      httmultiparty (>= 0.3)
      httparty (>= 0.7.3)
    sqlite3 (1.3.10)
    syslogger (1.6.2)

PLATFORMS
  ruby

DEPENDENCIES
  nokogiri
  redd (~> 0.7.5)
  soundcloud
  sqlite3
  syslogger
